PATH
  remote: .
  specs:
    simpex (0.1.0)

GEM
  remote: http://rubygems.org/
  specs:
    growl (1.0.3)
    guard (1.4.0)
      listen (>= 0.4.2)
      thor (>= 0.14.6)
    guard-minitest (0.5.0)
      guard (>= 0.4)
    listen (0.5.3)
    metaclass (0.0.1)
    mocha (0.12.6)
      metaclass (~> 0.0.1)
    rb-fsevent (0.9.2)
    thor (0.16.0)

PLATFORMS
  ruby

DEPENDENCIES
  growl
  guard-minitest
  mocha
  rb-fsevent
  simpex!
